PATH
  remote: .
  specs:
    main (0.3.1)

GEM
  remote: https://rubygems.org/
  specs:
    ast (2.4.2)
    jaro_winkler (1.5.4)
    parallel (1.21.0)
    parser (3.0.2.0)
      ast (~> 2.4.1)
    powerpack (0.1.3)
    rainbow (2.2.2)
      rake
    rake (10.5.0)
    rubocop (0.57.2)
      jaro_winkler (~> 1.5.1)
      parallel (~> 1.10)
      parser (>= 2.5)
      powerpack (~> 0.1)
      rainbow (>= 2.2.2, < 4.0)
      ruby-progressbar (~> 1.7)
      unicode-display_width (~> 1.0, >= 1.0.1)
    ruby-progressbar (1.11.0)
    unicode-display_width (1.8.0)

PLATFORMS
  ruby
  x86_64-linux

DEPENDENCIES
  bundler (>= 1.16)
  main!
  rubocop (~> 0.57.2)

BUNDLED WITH
   2.2.30
